GIT
  remote: https://github.com/ministryofjustice/govuk_elements_form_builder.git
  revision: 69c91c0896dd4c5982bbd59dcce40e9f058e7cf7
  specs:
    govuk_elements_form_builder (0.0.1)
      rails (>= 4.2)

GIT
  remote: https://github.com/mongodb/mongoid.git
  revision: 7c2ff52a0c5292b8e6bf3a9a29bbb19abae3dd5f
  specs:
    mongoid (6.0.0)
      activemodel (= 5.0.0.rc1)
      mongo (~> 2.2)
      tzinfo (>= 0.3.37)

GIT
  remote: https://github.com/robmckinnon/guard-rspec
  revision: 43e9f9800e35a3e479b695d6d4b2bf75134e5020
  branch: master
  specs:
    guard-rspec (4.6.5)
      guard (~> 2.1)
      guard-compat (~> 1.1)

GIT
  remote: https://github.com/robmckinnon/openregister-ruby.git
  revision: c2e7d73bb0c89cae49b85bf4717f3562b3aa8194
  specs:
    openregister-ruby (0.0.1)
      morph (~> 0.4.1)
      rest-client (~> 1)

GIT
  remote: https://github.com/rspec/rspec-core.git
  revision: 8b870d4e364e46a89c01c38436f2574b47e4d7a2
  branch: master
  specs:
    rspec-core (3.5.0.pre)
      rspec-support (= 3.5.0.pre)

GIT
  remote: https://github.com/rspec/rspec-expectations.git
  revision: 47cd9a38f9e48f1699274c26d2c0448cad3e8e86
  branch: master
  specs:
    rspec-expectations (3.5.0.pre)
      diff-lcs (>= 1.2.0, < 2.0)
      rspec-support (= 3.5.0.pre)

GIT
  remote: https://github.com/rspec/rspec-mocks.git
  revision: a136742a017d87a5ad97ffdbf74baa233172a79e
  branch: master
  specs:
    rspec-mocks (3.5.0.pre)
      diff-lcs (>= 1.2.0, < 2.0)
      rspec-support (= 3.5.0.pre)

GIT
  remote: https://github.com/rspec/rspec-rails.git
  revision: d361cfc71334f547d7e714bde49d8ba82321ed62
  branch: master
  specs:
    rspec-rails (3.5.0.pre)
      actionpack (>= 3.0)
      activesupport (>= 3.0)
      railties (>= 3.0)
      rspec-core (= 3.5.0.pre)
      rspec-expectations (= 3.5.0.pre)
      rspec-mocks (= 3.5.0.pre)
      rspec-support (= 3.5.0.pre)

GIT
  remote: https://github.com/rspec/rspec-support.git
  revision: 4cb6a39f0b72e7e4d4829081e37c71d18c7e317a
  branch: master
  specs:
    rspec-support (3.5.0.pre)

GIT
  remote: https://github.com/rspec/rspec.git
  revision: fac1b06a2e74b2ce33b7a9e6b8e6cb74c8f24e47
  branch: master
  specs:
    rspec (3.5.0.pre)
      rspec-core (= 3.5.0.pre)
      rspec-expectations (= 3.5.0.pre)
      rspec-mocks (= 3.5.0.pre)

GEM
  remote: https://rubygems.org/
  specs:
    actioncable (5.0.0.rc1)
      actionpack (= 5.0.0.rc1)
      nio4r (~> 1.2)
      websocket-driver (~> 0.6.1)
    actionmailer (5.0.0.rc1)
      actionpack (= 5.0.0.rc1)
      actionview (= 5.0.0.rc1)
      activejob (= 5.0.0.rc1)
      mail (~> 2.5, >= 2.5.4)
      rails-dom-testing (~> 1.0, >= 1.0.5)
    actionpack (5.0.0.rc1)
      actionview (= 5.0.0.rc1)
      activesupport (= 5.0.0.rc1)
      rack (~> 2.x)
      rack-test (~> 0.6.3)
      rails-dom-testing (~> 1.0, >= 1.0.5)
      rails-html-sanitizer (~> 1.0, >= 1.0.2)
    actionview (5.0.0.rc1)
      activesupport (= 5.0.0.rc1)
      builder (~> 3.1)
      erubis (~> 2.7.0)
      rails-dom-testing (~> 1.0, >= 1.0.5)
      rails-html-sanitizer (~> 1.0, >= 1.0.2)
    activejob (5.0.0.rc1)
      activesupport (= 5.0.0.rc1)
      globalid (>= 0.3.6)
    activemodel (5.0.0.rc1)
      activesupport (= 5.0.0.rc1)
    activerecord (5.0.0.rc1)
      activemodel (= 5.0.0.rc1)
      activesupport (= 5.0.0.rc1)
      arel (~> 7.0)
    activesupport (5.0.0.rc1)
      concurrent-ruby (~> 1.0, >= 1.0.2)
      i18n (~> 0.7)
      minitest (~> 5.1)
      tzinfo (~> 1.1)
    addressable (2.4.0)
    arel (7.0.0)
    bson (4.1.1)
    builder (3.2.2)
    byebug (8.2.5)
    capybara (2.7.1)
      addressable
      mime-types (>= 1.16)
      nokogiri (>= 1.3.3)
      rack (>= 1.0.0)
      rack-test (>= 0.5.4)
      xpath (~> 2.0)
    coderay (1.1.1)
    coffee-rails (4.1.1)
      coffee-script (>= 2.2.0)
      railties (>= 4.0.0, < 5.1.x)
    coffee-script (2.4.1)
      coffee-script-source
      execjs
    coffee-script-source (1.10.0)
    concurrent-ruby (1.0.2)
    crack (0.4.3)
      safe_yaml (~> 1.0.0)
    debug_inspector (0.0.2)
    diff-lcs (1.2.5)
    domain_name (0.5.20160310)
      unf (>= 0.0.5, < 1.0.0)
    erubis (2.7.0)
    execjs (2.6.0)
    ffi (1.9.10)
    formatador (0.2.5)
    globalid (0.3.6)
      activesupport (>= 4.1.0)
    govuk_elements_rails (1.1.4)
      govuk_frontend_toolkit (>= 4.10.0)
      rails (>= 4.1.0)
      sass (>= 3.2.0)
    govuk_frontend_toolkit (4.10.0)
      rails (>= 3.1.0)
      sass (>= 3.2.0)
    govuk_template (0.17.1)
      rails (>= 3.1)
    guard (2.13.0)
      formatador (>= 0.2.4)
      listen (>= 2.7, <= 4.0)
      lumberjack (~> 1.0)
      nenv (~> 0.1)
      notiffany (~> 0.0)
      pry (>= 0.9.12)
      shellany (~> 0.0)
      thor (>= 0.18.1)
    guard-compat (1.2.1)
    hashdiff (0.3.0)
    http-cookie (1.0.2)
      domain_name (~> 0.5)
    i18n (0.7.0)
    jquery-rails (4.1.1)
      rails-dom-testing (>= 1, < 3)
      railties (>= 4.2.0)
      thor (>= 0.14, < 2.0)
    json (1.8.3)
    listen (3.0.7)
      rb-fsevent (>= 0.9.3)
      rb-inotify (>= 0.9.7)
    loofah (2.0.3)
      nokogiri (>= 1.5.9)
    lumberjack (1.0.10)
    mail (2.6.4)
      mime-types (>= 1.16, < 4)
    method_source (0.8.2)
    mime-types (2.99.1)
    mini_portile2 (2.0.0)
    minitest (5.8.4)
    mongo (2.2.5)
      bson (~> 4.0)
    mongoid_slug (4.0.0)
      mongoid (>= 3.0)
      stringex (~> 2.0)
    morph (0.4.1)
      activesupport (>= 2.0.2)
    nenv (0.3.0)
    netrc (0.11.0)
    nio4r (1.2.1)
    nokogiri (1.6.7.2)
      mini_portile2 (~> 2.0.0.rc2)
    notiffany (0.0.8)
      nenv (~> 0.1)
      shellany (~> 0.0)
    pry (0.10.3)
      coderay (~> 1.1.0)
      method_source (~> 0.8.1)
      slop (~> 3.4)
    puma (3.4.0)
    rack (2.0.0.rc1)
      json
    rack-test (0.6.3)
      rack (>= 1.0)
    rails (5.0.0.rc1)
      actioncable (= 5.0.0.rc1)
      actionmailer (= 5.0.0.rc1)
      actionpack (= 5.0.0.rc1)
      actionview (= 5.0.0.rc1)
      activejob (= 5.0.0.rc1)
      activemodel (= 5.0.0.rc1)
      activerecord (= 5.0.0.rc1)
      activesupport (= 5.0.0.rc1)
      bundler (>= 1.3.0, < 2.0)
      railties (= 5.0.0.rc1)
      sprockets-rails (>= 2.0.0)
    rails-deprecated_sanitizer (1.0.3)
      activesupport (>= 4.2.0.alpha)
    rails-dom-testing (1.0.7)
      activesupport (>= 4.2.0.beta, < 5.0)
      nokogiri (~> 1.6.0)
      rails-deprecated_sanitizer (>= 1.0.1)
    rails-html-sanitizer (1.0.3)
      loofah (~> 2.0)
    railties (5.0.0.rc1)
      actionpack (= 5.0.0.rc1)
      activesupport (= 5.0.0.rc1)
      method_source
      rake (>= 0.8.7)
      thor (>= 0.18.1, < 2.0)
    rake (11.1.2)
    rb-fsevent (0.9.7)
    rb-inotify (0.9.7)
      ffi (>= 0.5.0)
    rest-client (1.8.0)
      http-cookie (>= 1.0.2, < 2.0)
      mime-types (>= 1.16, < 3.0)
      netrc (~> 0.7)
    safe_yaml (1.0.4)
    sass (3.4.22)
    sass-rails (5.0.4)
      railties (>= 4.0.0, < 5.0)
      sass (~> 3.1)
      sprockets (>= 2.8, < 4.0)
      sprockets-rails (>= 2.0, < 4.0)
      tilt (>= 1.1, < 3)
    shellany (0.0.1)
    slim (3.0.6)
      temple (~> 0.7.3)
      tilt (>= 1.3.3, < 2.1)
    slop (3.6.0)
    spring (1.7.1)
    spring-commands-rspec (1.0.4)
      spring (>= 0.9.1)
    spring-watcher-listen (2.0.0)
      listen (>= 2.7, < 4.0)
      spring (~> 1.2)
    sprockets (3.6.0)
      concurrent-ruby (~> 1.0)
      rack (> 1, < 3)
    sprockets-rails (3.0.4)
      actionpack (>= 4.0)
      activesupport (>= 4.0)
      sprockets (>= 3.0.0)
    stringex (2.6.0)
    temple (0.7.6)
    thor (0.19.1)
    thread_safe (0.3.5)
    tilt (2.0.2)
    tzinfo (1.2.2)
      thread_safe (~> 0.1)
    uglifier (3.0.0)
      execjs (>= 0.3.0, < 3)
    unf (0.1.4)
      unf_ext
    unf_ext (0.0.7.2)
    web-console (3.1.1)
      activemodel (>= 4.2)
      debug_inspector
      railties (>= 4.2)
    webmock (2.0.1)
      addressable (>= 2.3.6)
      crack (>= 0.3.2)
      hashdiff
    websocket-driver (0.6.3)
      websocket-extensions (>= 0.1.0)
    websocket-extensions (0.1.2)
    xpath (2.0.0)
      nokogiri (~> 1.3)

PLATFORMS
  ruby

DEPENDENCIES
  byebug
  capybara
  coffee-rails (~> 4.1.0)
  govuk_elements_form_builder!
  govuk_elements_rails
  govuk_frontend_toolkit
  govuk_template
  guard-rspec!
  jquery-rails
  listen (~> 3.0.5)
  mongoid!
  mongoid_slug (>= 4.0.0)
  openregister-ruby!
  puma (~> 3.0)
  rails (>= 5.0.0.beta4, < 5.1)
  rspec!
  rspec-core!
  rspec-expectations!
  rspec-mocks!
  rspec-rails!
  rspec-support!
  sass-rails (~> 5.0)
  slim
  spring
  spring-commands-rspec
  spring-watcher-listen (~> 2.0.0)
  tzinfo-data
  uglifier (>= 1.3.0)
  web-console
  webmock

RUBY VERSION
   ruby 2.3.1p112

BUNDLED WITH
   1.12.3
